PATH
  remote: /Users/kaspernj/Dev/Ruby/http2
  specs:
    http2 (0.0.16)

GEM
  remote: http://rubygems.org/
  specs:
    diff-lcs (1.1.3)
    git (1.2.5)
    jeweler (1.8.4)
      bundler (~> 1.0)
      git (>= 1.2.5)
      rake
      rdoc
    json (1.8.0)
    rake (10.1.0)
    rdoc (3.12.2)
      json (~> 1.4)
    rspec (2.8.0)
      rspec-core (~> 2.8.0)
      rspec-expectations (~> 2.8.0)
      rspec-mocks (~> 2.8.0)
    rspec-core (2.8.0)
    rspec-expectations (2.8.0)
      diff-lcs (~> 1.1.2)
    rspec-mocks (2.8.0)
    string-cases (0.0.0)

PLATFORMS
  ruby

DEPENDENCIES
  bundler (>= 1.0.0)
  http2!
  jeweler (~> 1.8.4)
  rdoc (~> 3.12)
  rspec (~> 2.8.0)
  string-cases
